PATH
  remote: .
  specs:
    shrine-storage (0.1.0)
      azure-storage-blob (~> 1.1.0)

GEM
  remote: https://rubygems.org/
  specs:
    ast (2.4.0)
    azure-core (0.1.15)
      faraday (~> 0.9)
      faraday_middleware (~> 0.10)
      nokogiri (~> 1.6)
    azure-storage-blob (1.1.0)
      azure-core (~> 0.1.13)
      azure-storage-common (~> 1.0)
      nokogiri (~> 1.6, >= 1.6.8)
    azure-storage-common (1.1.0)
      azure-core (~> 0.1.13)
      nokogiri (~> 1.6, >= 1.6.8)
    byebug (11.0.1)
    coderay (1.1.2)
    faraday (0.17.0)
      multipart-post (>= 1.2, < 3)
    faraday_middleware (0.13.1)
      faraday (>= 0.7.4, < 1.0)
    jaro_winkler (1.5.3)
    method_source (0.9.2)
    mini_portile2 (2.4.0)
    multipart-post (2.1.1)
    nokogiri (1.10.4)
      mini_portile2 (~> 2.4.0)
    parallel (1.18.0)
    parser (2.6.5.0)
      ast (~> 2.4.0)
    pry (0.12.2)
      coderay (~> 1.1.0)
      method_source (~> 0.9.0)
    pry-byebug (3.7.0)
      byebug (~> 11.0)
      pry (~> 0.10)
    rainbow (3.0.0)
    rake (10.5.0)
    rubocop (0.75.0)
      jaro_winkler (~> 1.5.1)
      parallel (~> 1.10)
      parser (>= 2.6)
      rainbow (>= 2.2.2, < 4.0)
      ruby-progressbar (~> 1.7)
      unicode-display_width (>= 1.4.0, < 1.7)
    ruby-progressbar (1.10.1)
    unicode-display_width (1.6.0)

PLATFORMS
  ruby

DEPENDENCIES
  bundler (~> 2.0.2)
  pry-byebug
  rake (~> 10.0)
  rubocop
  shrine-storage!

BUNDLED WITH
   2.0.2
